GEM
  remote: http://rubygems.org/
  specs:
    actionmailer (2.3.8)
      actionpack (= 2.3.8)
    actionpack (2.3.8)
      activesupport (= 2.3.8)
      rack (~> 1.1.0)
    activerecord (2.3.8)
      activesupport (= 2.3.8)
    activeresource (2.3.8)
      activesupport (= 2.3.8)
    activesupport (2.3.8)
    cocaine (0.2.0)
    json (1.6.1)
    mime-types (1.16)
    paperclip (2.4.3)
      activerecord (>= 2.3.0)
      activesupport (>= 2.3.2)
      cocaine (>= 0.0.2)
      mime-types
    pg (0.10.1)
    rack (1.1.2)
    rails (2.3.8)
      actionmailer (= 2.3.8)
      actionpack (= 2.3.8)
      activerecord (= 2.3.8)
      activeresource (= 2.3.8)
      activesupport (= 2.3.8)
      rake (>= 0.8.3)
    rake (0.9.2)
    rdoc (3.10)
      json (~> 1.4)
    recaptcha (0.3.1)

PLATFORMS
  ruby

DEPENDENCIES
  bundler (>= 0.9.14)
  paperclip
  pg (= 0.10.1)
  rails (= 2.3.8)
  rake (= 0.9.2)
  rdoc
  recaptcha
